PATH
  remote: .
  specs:
    go_version (1.7.0.pre.alpha)
      ffi (~> 1.15)

GEM
  remote: https://rubygems.org/
  specs:
    ffi (1.17.0)
    ffi (1.17.0-x86_64-darwin)
    minitest (5.23.1)

PLATFORMS
  ruby
  x86_64-darwin-23

DEPENDENCIES
  go_version!
  minitest

BUNDLED WITH
   2.5.9
